GEM
  remote: https://rubygems.org/
  specs:
    byebug (9.0.5)
    commander (4.4.0)
      highline (~> 1.7.2)
    elasticsearch (2.0.0)
      elasticsearch-api (= 2.0.0)
      elasticsearch-transport (= 2.0.0)
    elasticsearch-api (2.0.0)
      multi_json
    elasticsearch-transport (2.0.0)
      faraday
      multi_json
    faraday (0.9.2)
      multipart-post (>= 1.2, < 3)
    highline (1.7.8)
    multi_json (1.12.1)
    multipart-post (2.0.0)

PLATFORMS
  ruby

DEPENDENCIES
  byebug
  commander
  elasticsearch

BUNDLED WITH
   1.12.5
